GIT
  remote: https://github.com/mlibrary/solr_cloud-connection
  revision: ea3c856c5611d5fe070677dd09b6b663bc5a2944
  specs:
    solr_cloud-connection (0.1.0)
      faraday
      httpx
      rubyzip

GEM
  remote: https://rubygems.org/
  specs:
    addressable (2.8.5)
      public_suffix (>= 2.0.2, < 6.0)
    ast (2.4.2)
    base64 (0.1.1)
    bigdecimal (3.1.4)
    byebug (11.1.3)
    canister (0.9.2)
    coderay (1.1.3)
    concurrent-ruby (1.2.2)
    crack (0.4.5)
      rexml
    diff-lcs (1.5.0)
    docile (1.4.0)
    dotenv (2.8.1)
    faraday (2.7.11)
      base64
      faraday-net_http (>= 2.0, < 3.1)
      ruby2_keywords (>= 0.0.4)
    faraday-follow_redirects (0.3.0)
      faraday (>= 1, < 3)
    faraday-net_http (3.0.2)
    ffi (1.16.3)
    ffi-icu (0.5.1)
      ffi (~> 1.0, >= 1.0.9)
    hashdiff (1.0.1)
    http-2-next (0.5.1)
    httpx (0.24.7)
      http-2-next (< 1.0.0)
    json (2.6.3)
    language_server-protocol (3.17.0.3)
    lint_roller (1.1.0)
    method_source (1.0.0)
    milemarker (1.0.0)
    mysql2 (0.5.5)
    parallel (1.23.0)
    parser (3.2.2.4)
      ast (~> 2.4.1)
      racc
    pry (0.14.2)
      coderay (~> 1.1)
      method_source (~> 1.0)
    public_suffix (5.0.3)
    racc (1.7.1)
    rainbow (3.1.1)
    regexp_parser (2.8.2)
    rexml (3.2.6)
    rspec (3.12.0)
      rspec-core (~> 3.12.0)
      rspec-expectations (~> 3.12.0)
      rspec-mocks (~> 3.12.0)
    rspec-core (3.12.2)
      rspec-support (~> 3.12.0)
    rspec-expectations (3.12.3)
      diff-lcs (>= 1.2.0, < 2.0)
      rspec-support (~> 3.12.0)
    rspec-mocks (3.12.6)
      diff-lcs (>= 1.2.0, < 2.0)
      rspec-support (~> 3.12.0)
    rspec-support (3.12.1)
    rubocop (1.56.4)
      base64 (~> 0.1.1)
      json (~> 2.3)
      language_server-protocol (>= 3.17.0)
      parallel (~> 1.10)
      parser (>= 3.2.2.3)
      rainbow (>= 2.2.2, < 4.0)
      regexp_parser (>= 1.8, < 3.0)
      rexml (>= 3.2.5, < 4.0)
      rubocop-ast (>= 1.28.1, < 2.0)
      ruby-progressbar (~> 1.7)
      unicode-display_width (>= 2.4.0, < 3.0)
    rubocop-ast (1.29.0)
      parser (>= 3.2.1.0)
    rubocop-performance (1.19.1)
      rubocop (>= 1.7.0, < 2.0)
      rubocop-ast (>= 0.4.0)
    ruby-prof (1.6.3)
    ruby-progressbar (1.13.0)
    ruby2_keywords (0.0.5)
    rubyzip (2.3.2)
    semantic_logger (4.14.0)
      concurrent-ruby (~> 1.0)
    sequel (5.73.0)
      bigdecimal
    simplecov (0.22.0)
      docile (~> 1.1)
      simplecov-html (~> 0.11)
      simplecov_json_formatter (~> 0.1)
    simplecov-html (0.12.3)
    simplecov_json_formatter (0.1.4)
    sqlite3 (1.6.7-x86_64-linux)
    standard (1.31.2)
      language_server-protocol (~> 3.17.0.2)
      lint_roller (~> 1.0)
      rubocop (~> 1.56.4)
      standard-custom (~> 1.0.0)
      standard-performance (~> 1.2)
    standard-custom (1.0.2)
      lint_roller (~> 1.0)
      rubocop (~> 1.50)
    standard-performance (1.2.1)
      lint_roller (~> 1.1)
      rubocop-performance (~> 1.19.1)
    standardrb (1.0.1)
      standard
    thor (1.2.2)
    unicode-display_width (2.5.0)
    webmock (3.19.1)
      addressable (>= 2.8.0)
      crack (>= 0.3.2)
      hashdiff (>= 0.4.0, < 2.0.0)
    zinzout (0.1.1)

PLATFORMS
  x86_64-linux

DEPENDENCIES
  byebug
  canister
  concurrent-ruby (~> 1.1)
  dotenv
  faraday (~> 2.5)
  faraday-follow_redirects
  ffi-icu
  httpx (~> 0.21)
  jdbc-sqlite3 (~> 3.28)
  milemarker (~> 1.0)
  mysql2
  pry (~> 0.14)
  rspec (~> 3.11)
  ruby-prof
  rubyzip
  semantic_logger
  sequel (~> 5.60)
  simplecov
  solr_cloud-connection!
  sqlite3 (~> 1.4)
  standardrb
  thor
  webmock
  zinzout (~> 0.1)

BUNDLED WITH
   2.4.20
