GIT
  remote: https://github.com/mlibrary/alma_rest_client.git
  revision: 9606225d82480b6d1568902813ae9018dd8c1acc
  tag: v2.0.0
  specs:
    alma_rest_client (2.0.0)
      activesupport (~> 7.0, >= 4.2)
      faraday
      faraday-retry
      httpx
      rexml

GEM
  remote: https://rubygems.org/
  specs:
    activesupport (7.1.3.4)
      base64
      bigdecimal
      concurrent-ruby (~> 1.0, >= 1.0.2)
      connection_pool (>= 2.2.5)
      drb
      i18n (>= 1.6, < 2)
      minitest (>= 5.1)
      mutex_m
      tzinfo (~> 2.0)
    addressable (2.8.6)
      public_suffix (>= 2.0.2, < 6.0)
    ast (2.4.2)
    base64 (0.2.0)
    bigdecimal (3.1.4)
    byebug (11.1.3)
    canister (0.9.2)
    coderay (1.1.3)
    concurrent-ruby (1.2.2)
    connection_pool (2.4.1)
    crack (0.4.5)
      rexml
    diff-lcs (1.5.0)
    docile (1.4.0)
    dotenv (2.8.1)
    drb (2.2.1)
    faraday (2.7.12)
      base64
      faraday-net_http (>= 2.0, < 3.1)
      ruby2_keywords (>= 0.0.4)
    faraday-follow_redirects (0.3.0)
      faraday (>= 1, < 3)
    faraday-net_http (3.0.2)
    faraday-retry (2.2.1)
      faraday (~> 2.0)
    ffi (1.16.3)
    ffi-icu (0.5.2)
      ffi (~> 1.0, >= 1.0.9)
    hashdiff (1.0.1)
    http-2-next (1.0.1)
    httpx (1.1.5)
      http-2-next (>= 1.0.1)
    i18n (1.14.5)
      concurrent-ruby (~> 1.0)
    json (2.7.1)
    language_server-protocol (3.17.0.3)
    lint_roller (1.1.0)
    marc (1.2.0)
      rexml
      scrub_rb (>= 1.0.1, < 2)
      unf
    method_source (1.0.0)
    milemarker (1.0.0)
    minitest (5.24.1)
    mutex_m (0.2.0)
    mysql2 (0.5.5)
    parallel (1.23.0)
    parser (3.2.2.4)
      ast (~> 2.4.1)
      racc
    pry (0.14.2)
      coderay (~> 1.1)
      method_source (~> 1.0)
    public_suffix (5.0.4)
    racc (1.7.3)
    rainbow (3.1.1)
    regexp_parser (2.8.3)
    rexml (3.2.6)
    rspec (3.12.0)
      rspec-core (~> 3.12.0)
      rspec-expectations (~> 3.12.0)
      rspec-mocks (~> 3.12.0)
    rspec-core (3.12.2)
      rspec-support (~> 3.12.0)
    rspec-expectations (3.12.3)
      diff-lcs (>= 1.2.0, < 2.0)
      rspec-support (~> 3.12.0)
    rspec-mocks (3.12.6)
      diff-lcs (>= 1.2.0, < 2.0)
      rspec-support (~> 3.12.0)
    rspec-support (3.12.1)
    rubocop (1.57.2)
      json (~> 2.3)
      language_server-protocol (>= 3.17.0)
      parallel (~> 1.10)
      parser (>= 3.2.2.4)
      rainbow (>= 2.2.2, < 4.0)
      regexp_parser (>= 1.8, < 3.0)
      rexml (>= 3.2.5, < 4.0)
      rubocop-ast (>= 1.28.1, < 2.0)
      ruby-progressbar (~> 1.7)
      unicode-display_width (>= 2.4.0, < 3.0)
    rubocop-ast (1.30.0)
      parser (>= 3.2.1.0)
    rubocop-performance (1.19.1)
      rubocop (>= 1.7.0, < 2.0)
      rubocop-ast (>= 0.4.0)
    ruby-prof (1.6.3)
    ruby-progressbar (1.13.0)
    ruby2_keywords (0.0.5)
    rubyzip (2.3.2)
    scrub_rb (1.0.1)
    semantic_logger (4.15.0)
      concurrent-ruby (~> 1.0)
    sequel (5.75.0)
      bigdecimal
    simplecov (0.22.0)
      docile (~> 1.1)
      simplecov-html (~> 0.11)
      simplecov_json_formatter (~> 0.1)
    simplecov-html (0.12.3)
    simplecov_json_formatter (0.1.4)
    solr_cloud-connection (0.4.0)
      faraday (~> 2.7.12)
      httpx (~> 1.1.5)
      rubyzip (~> 2.3.0)
    sqlite3 (1.6.9-x86_64-linux)
    standard (1.32.1)
      language_server-protocol (~> 3.17.0.2)
      lint_roller (~> 1.0)
      rubocop (~> 1.57.2)
      standard-custom (~> 1.0.0)
      standard-performance (~> 1.2)
    standard-custom (1.0.2)
      lint_roller (~> 1.0)
      rubocop (~> 1.50)
    standard-performance (1.2.1)
      lint_roller (~> 1.1)
      rubocop-performance (~> 1.19.1)
    standardrb (1.0.1)
      standard
    thor (1.3.0)
    tzinfo (2.0.6)
      concurrent-ruby (~> 1.0)
    unf (0.1.4)
      unf_ext
    unf_ext (0.0.9.1)
    unicode-display_width (2.5.0)
    webmock (3.19.1)
      addressable (>= 2.8.0)
      crack (>= 0.3.2)
      hashdiff (>= 0.4.0, < 2.0.0)
    zinzout (0.1.1)

PLATFORMS
  x86_64-linux

DEPENDENCIES
  alma_rest_client!
  byebug
  canister
  concurrent-ruby (~> 1.1)
  dotenv
  faraday (~> 2.5)
  faraday-follow_redirects
  ffi-icu
  httpx
  jdbc-sqlite3 (~> 3.28)
  marc
  milemarker (~> 1.0)
  mysql2
  pry (~> 0.14)
  rspec (~> 3.11)
  ruby-prof
  rubyzip
  semantic_logger
  sequel (~> 5.60)
  simplecov
  solr_cloud-connection (>= 0.4.0)
  sqlite3 (~> 1.4)
  standardrb
  thor
  webmock
  zinzout (~> 0.1)

BUNDLED WITH
   2.4.22
